PATH
  remote: .
  specs:
    zuora (1.0.2)
      activemodel (>= 3.0.0)
      activesupport (>= 3.0.0)
      libxml4r (~> 0.2.6)
      savon (~> 2.3.0)
      wasabi (~> 3.2.0)

GEM
  remote: https://rubygems.org/
  specs:
    activemodel (4.2.10)
      activesupport (= 4.2.10)
      builder (~> 3.1)
    activesupport (4.2.10)
      i18n (~> 0.7)
      minitest (~> 5.1)
      thread_safe (~> 0.3, >= 0.3.4)
      tzinfo (~> 1.1)
    akami (1.2.2)
      gyoku (>= 0.4.0)
      nokogiri
    appraisal (0.4.1)
      bundler
      rake
    artifice (0.6)
      rack-test
    builder (3.2.3)
    coderay (1.1.2)
    concurrent-ruby (1.0.5)
    diff-lcs (1.1.3)
    factory_girl (2.6.4)
      activesupport (>= 2.3.9)
    ffi (1.9.18)
    formatador (0.2.5)
    guard (2.14.1)
      formatador (>= 0.2.4)
      listen (>= 2.7, < 4.0)
      lumberjack (~> 1.0)
      nenv (~> 0.1)
      notiffany (~> 0.0)
      pry (>= 0.9.12)
      shellany (~> 0.0)
      thor (>= 0.18.1)
    guard-rspec (0.6.0)
      guard (>= 0.10.0)
    gyoku (1.1.1)
      builder (>= 2.1.2)
    httpi (2.1.1)
      rack
      rubyntlm (~> 0.3.2)
    i18n (0.9.0)
      concurrent-ruby (~> 1.0)
    libxml-ruby (3.0.0)
    libxml4r (0.2.6)
      libxml-ruby (>= 1.1.3)
    listen (3.0.8)
      rb-fsevent (~> 0.9, >= 0.9.4)
      rb-inotify (~> 0.9, >= 0.9.7)
    lumberjack (1.0.12)
    method_source (0.9.0)
    mime-types (1.25.1)
    mini_portile2 (2.3.0)
    minitest (5.10.3)
    nenv (0.3.0)
    nokogiri (1.8.1)
      mini_portile2 (~> 2.3.0)
    nori (2.3.0)
    notiffany (0.1.1)
      nenv (~> 0.1)
      shellany (~> 0.0)
    pry (0.11.2)
      coderay (~> 1.1.0)
      method_source (~> 0.9.0)
    rack (1.6.8)
    rack-test (0.7.0)
      rack (>= 1.0, < 3)
    rake (10.1.1)
    rb-fsevent (0.10.2)
    rb-inotify (0.9.10)
      ffi (>= 0.5.0, < 2)
    redcarpet (2.1.1)
    rspec (2.8.0)
      rspec-core (~> 2.8.0)
      rspec-expectations (~> 2.8.0)
      rspec-mocks (~> 2.8.0)
    rspec-core (2.8.0)
    rspec-expectations (2.8.0)
      diff-lcs (~> 1.1.2)
    rspec-mocks (2.8.0)
    rubyntlm (0.3.4)
    savon (2.3.3)
      akami (~> 1.2.0)
      builder (>= 2.1.2)
      gyoku (~> 1.1.0)
      httpi (~> 2.1.0)
      nokogiri (>= 1.4.0)
      nori (~> 2.3.0)
      wasabi (~> 3.2.2)
    shellany (0.0.1)
    sqlite3 (1.3.13)
    thor (0.20.0)
    thread_safe (0.3.6)
    tzinfo (1.2.3)
      thread_safe (~> 0.1)
    wasabi (3.2.3)
      httpi (~> 2.0)
      mime-types (< 2.0.0)
      nokogiri (>= 1.4.0)
    yard (0.7.5)

PLATFORMS
  ruby

DEPENDENCIES
  appraisal (~> 0.4.1)
  artifice (~> 0.6.0)
  factory_girl (~> 2.6.4)
  guard-rspec (~> 0.6.0)
  minitest
  rake (~> 10.1.0)
  redcarpet (~> 2.1.0)
  rspec (~> 2.8.0)
  sqlite3 (~> 1.3.0)
  yard (~> 0.7.5)
  zuora!

BUNDLED WITH
   1.15.4
